GIT
  remote: git://github.com/spree-contrib/spree_drop_ship.git
  revision: 3b8d03e367fc091c3c119934b86bbc68b07e3f39
  branch: 2-1-stable
  specs:
    spree_drop_ship (2.0.0.beta)
      durable_decorator (~> 0.2.0)
      friendly_id (~> 5.0.0)
      spree_api
      spree_backend
      spree_core (~> 2.1.0)

GIT
  remote: git://github.com/spree-contrib/spree_social.git
  revision: 9fb7a3c7747d8363314e10bf916d46cc4a89e262
  branch: 2-1-stable
  specs:
    spree_social (2.3.0)
      oa-core
      omniauth
      omniauth-facebook
      omniauth-github
      omniauth-google-oauth2
      omniauth-twitter
      spree_core (~> 2.1.0)

GIT
  remote: git://github.com/spree-contrib/spree_static_content.git
  revision: b72cfcb4b0511d52287d0e77cdaceac43af701f6
  branch: 2-1-stable
  specs:
    spree_static_content (2.1.0.beta)
      spree_core (~> 2.1.0)

GIT
  remote: git://github.com/spree/spree_auth_devise.git
  revision: 632d03afb67bfa7a33a0fb34e60252aa6df32ac5
  branch: 2-1-stable
  specs:
    spree_auth_devise (2.1.1)
      cancan (~> 1.6.7)
      devise (~> 3.2.2)
      devise-encryptable (= 0.1.2)
      spree_backend (~> 2.1.12)
      spree_core (~> 2.1.12)
      spree_frontend (~> 2.1.12)

GIT
  remote: git://github.com/spree/spree_gateway.git
  revision: 7c60ca030eec987090309426c737be5068753b16
  branch: 2-1-stable
  specs:
    spree_gateway (2.1.1)
      spree_core (~> 2.1)

GIT
  remote: https://github.com/spree/spree.git
  revision: cdb4c5a50a58acc50620877954f8b17986e2bd4a
  branch: 2-1-stable
  specs:
    spree (2.1.13.beta)
      spree_api (= 2.1.13.beta)
      spree_backend (= 2.1.13.beta)
      spree_cmd (= 2.1.13.beta)
      spree_core (= 2.1.13.beta)
      spree_frontend (= 2.1.13.beta)
      spree_sample (= 2.1.13.beta)
    spree_api (2.1.13.beta)
      rabl (= 0.9.3)
      spree_core (= 2.1.13.beta)
      versioncake (~> 1.2.0)
    spree_backend (2.1.13.beta)
      jquery-rails (~> 3.1.0)
      jquery-ui-rails (~> 4.1.0)
      select2-rails (~> 3.4.7)
      spree_api (= 2.1.13.beta)
      spree_core (= 2.1.13.beta)
    spree_cmd (2.1.13.beta)
      thor (~> 0.14)
    spree_core (2.1.13.beta)
      activemerchant (~> 1.43.1)
      acts_as_list (= 0.3.0)
      awesome_nested_set (~> 3.0.0.rc.3)
      aws-sdk (= 1.27.0)
      cancan (~> 1.6.10)
      deface (~> 1.0.0)
      ffaker (~> 1.16)
      highline (~> 1.6.18)
      httparty (~> 0.11)
      json (~> 1.7)
      kaminari (~> 0.15.0)
      monetize (~> 1.1)
      paperclip (~> 3.4.1)
      paranoia (~> 2.0)
      rails (~> 4.0.12)
      ransack (= 1.1.0)
      state_machine (= 1.2.0)
      stringex (~> 1.5.1)
      truncate_html (= 0.9.2)
    spree_frontend (2.1.13.beta)
      canonical-rails
      jquery-rails (~> 3.1.0)
      spree_api (= 2.1.13.beta)
      spree_core (= 2.1.13.beta)
      stringex (~> 1.5.1)
    spree_sample (2.1.13.beta)
      spree_core (= 2.1.13.beta)

GEM
  remote: https://rubygems.org/
  specs:
    actionmailer (4.0.12)
      actionpack (= 4.0.12)
      mail (~> 2.5, >= 2.5.4)
    actionpack (4.0.12)
      activesupport (= 4.0.12)
      builder (~> 3.1.0)
      erubis (~> 2.7.0)
      rack (~> 1.5.2)
      rack-test (~> 0.6.2)
    active_utils (2.2.3)
      activesupport (>= 2.3.11)
      i18n
    activemerchant (1.43.3)
      active_utils (~> 2.0, >= 2.0.1)
      activesupport (>= 2.3.14, < 5.0.0)
      builder (>= 2.1.2, < 4.0.0)
      i18n (~> 0.5)
      json (~> 1.7)
      money (< 7.0.0)
      nokogiri (~> 1.4)
    activemodel (4.0.12)
      activesupport (= 4.0.12)
      builder (~> 3.1.0)
    activerecord (4.0.12)
      activemodel (= 4.0.12)
      activerecord-deprecated_finders (~> 1.0.2)
      activesupport (= 4.0.12)
      arel (~> 4.0.0)
    activerecord-deprecated_finders (1.0.4)
    activesupport (4.0.12)
      i18n (~> 0.6, >= 0.6.9)
      minitest (~> 4.2)
      multi_json (~> 1.3)
      thread_safe (~> 0.1)
      tzinfo (~> 0.3.37)
    acts_as_list (0.3.0)
      activerecord (>= 3.0)
    addressable (2.4.0)
    arel (4.0.2)
    awesome_nested_set (3.0.2)
      activerecord (>= 4.0.0, < 5)
    aws-sdk (1.27.0)
      json (~> 1.4)
      nokogiri (>= 1.4.4)
      uuidtools (~> 2.1)
    bcrypt (3.1.10)
    builder (3.1.4)
    cancan (1.6.10)
    canonical-rails (0.0.11)
      rails (>= 3.1, < 5.0)
    climate_control (0.0.3)
      activesupport (>= 3.0)
    cocaine (0.5.8)
      climate_control (>= 0.0.3, < 1.0)
    coffee-rails (4.0.1)
      coffee-script (>= 2.2.0)
      railties (>= 4.0.0, < 5.0)
    coffee-script (2.4.1)
      coffee-script-source
      execjs
    coffee-script-source (1.10.0)
    colorize (0.7.7)
    deface (1.0.2)
      colorize (>= 0.5.8)
      nokogiri (~> 1.6.0)
      polyglot
      rails (>= 3.1)
    devise (3.2.4)
      bcrypt (~> 3.0)
      orm_adapter (~> 0.1)
      railties (>= 3.2.6, < 5)
      thread_safe (~> 0.1)
      warden (~> 1.2.3)
    devise-encryptable (0.1.2)
      devise (>= 2.1.0)
    durable_decorator (0.2.2)
      logging
      method_source
    erubis (2.7.0)
    execjs (2.6.0)
    faraday (0.9.2)
      multipart-post (>= 1.2, < 3)
    ffaker (1.32.1)
    friendly_id (5.0.5)
      activerecord (>= 4.0.0)
    hashie (3.4.3)
    highline (1.6.21)
    hike (1.2.3)
    httparty (0.13.7)
      json (~> 1.8)
      multi_xml (>= 0.5.2)
    i18n (0.7.0)
    jbuilder (1.5.3)
      activesupport (>= 3.0.0)
      multi_json (>= 1.2.0)
    jquery-rails (3.1.4)
      railties (>= 3.0, < 5.0)
      thor (>= 0.14, < 2.0)
    jquery-ui-rails (4.1.2)
      railties (>= 3.1.0)
    json (1.8.3)
    jwt (1.5.2)
    kaminari (0.15.1)
      actionpack (>= 3.0.0)
      activesupport (>= 3.0.0)
    little-plugger (1.1.4)
    logging (2.0.0)
      little-plugger (~> 1.1)
      multi_json (~> 1.10)
    mail (2.6.3)
      mime-types (>= 1.16, < 3)
    method_source (0.8.2)
    mime-types (2.99)
    mini_portile2 (2.0.0)
    minitest (4.7.5)
    monetize (1.3.1)
      money (~> 6.6)
    money (6.6.1)
      i18n (>= 0.6.4, <= 0.7.0)
    multi_json (1.11.2)
    multi_xml (0.5.5)
    multipart-post (2.0.0)
    nokogiri (1.6.7.1)
      mini_portile2 (~> 2.0.0.rc2)
    oa-core (0.3.2)
    oauth (0.4.7)
    oauth2 (1.0.0)
      faraday (>= 0.8, < 0.10)
      jwt (~> 1.0)
      multi_json (~> 1.3)
      multi_xml (~> 0.5)
      rack (~> 1.2)
    omniauth (1.3.1)
      hashie (>= 1.2, < 4)
      rack (>= 1.0, < 3)
    omniauth-facebook (3.0.0)
      omniauth-oauth2 (~> 1.2)
    omniauth-github (1.1.2)
      omniauth (~> 1.0)
      omniauth-oauth2 (~> 1.1)
    omniauth-google-oauth2 (0.2.10)
      addressable (~> 2.3)
      jwt (~> 1.0)
      multi_json (~> 1.3)
      omniauth (>= 1.1.1)
      omniauth-oauth2 (~> 1.3.1)
    omniauth-oauth (1.1.0)
      oauth
      omniauth (~> 1.0)
    omniauth-oauth2 (1.3.1)
      oauth2 (~> 1.0)
      omniauth (~> 1.2)
    omniauth-twitter (1.2.1)
      json (~> 1.3)
      omniauth-oauth (~> 1.1)
    orm_adapter (0.5.0)
    paperclip (3.4.2)
      activemodel (>= 3.0.0)
      activerecord (>= 3.0.0)
      activesupport (>= 3.0.0)
      cocaine (~> 0.5.0)
      mime-types
    paranoia (2.1.5)
      activerecord (~> 4.0)
    polyamorous (0.6.4)
      activerecord (>= 3.0)
    polyglot (0.3.5)
    rabl (0.9.3)
      activesupport (>= 2.3.14)
    rack (1.5.5)
    rack-test (0.6.3)
      rack (>= 1.0)
    rails (4.0.12)
      actionmailer (= 4.0.12)
      actionpack (= 4.0.12)
      activerecord (= 4.0.12)
      activesupport (= 4.0.12)
      bundler (>= 1.3.0, < 2.0)
      railties (= 4.0.12)
      sprockets-rails (~> 2.0)
    railties (4.0.12)
      actionpack (= 4.0.12)
      activesupport (= 4.0.12)
      rake (>= 0.8.7)
      thor (>= 0.18.1, < 2.0)
    rake (10.4.2)
    ransack (1.1.0)
      actionpack (>= 3.0)
      activerecord (>= 3.0)
      polyamorous (~> 0.6.0)
    rdoc (4.2.1)
      json (~> 1.4)
    sass (3.2.19)
    sass-rails (4.0.5)
      railties (>= 4.0.0, < 5.0)
      sass (~> 3.2.2)
      sprockets (~> 2.8, < 3.0)
      sprockets-rails (~> 2.0)
    sdoc (0.4.1)
      json (~> 1.7, >= 1.7.7)
      rdoc (~> 4.0)
    select2-rails (3.4.9)
      sass-rails
      thor (~> 0.14)
    sprockets (2.12.4)
      hike (~> 1.2)
      multi_json (~> 1.0)
      rack (~> 1.0)
      tilt (~> 1.1, != 1.3.0)
    sprockets-rails (2.3.3)
      actionpack (>= 3.0)
      activesupport (>= 3.0)
      sprockets (>= 2.8, < 4.0)
    sqlite3 (1.3.11)
    state_machine (1.2.0)
    stringex (1.5.1)
    thor (0.19.1)
    thread_safe (0.3.5)
    tilt (1.4.1)
    truncate_html (0.9.2)
    turbolinks (2.5.3)
      coffee-rails
    tzinfo (0.3.46)
    uglifier (2.7.2)
      execjs (>= 0.3.0)
      json (>= 1.8.0)
    uuidtools (2.1.5)
    versioncake (1.2.0)
      actionpack (>= 3.2)
      activesupport (>= 3.2)
      railties (>= 3.2)
      tzinfo
    warden (1.2.4)
      rack (>= 1.0)

PLATFORMS
  ruby

DEPENDENCIES
  coffee-rails (~> 4.0.0)
  jbuilder (~> 1.2)
  jquery-rails
  rails (= 4.0.12)
  sass-rails (~> 4.0.2)
  sdoc
  spree!
  spree_auth_devise!
  spree_drop_ship!
  spree_gateway!
  spree_social!
  spree_static_content!
  sqlite3
  turbolinks
  uglifier (>= 1.3.0)

BUNDLED WITH
   1.11.2
